GIT
  remote: https://github.com/SFEley/autowatchr.git
  revision: 2b2d80e0e8f4075d278adbb1373cad854d35a454
  specs:
    autowatchr (0.1.4)
      watchr

PATH
  remote: .
  specs:
    date_scopes (0.1.2)
      activerecord (~> 3)

GEM
  remote: http://rubygems.org/
  specs:
    activemodel (3.0.3)
      activesupport (= 3.0.3)
      builder (~> 2.1.2)
      i18n (~> 0.4)
    activerecord (3.0.3)
      activemodel (= 3.0.3)
      activesupport (= 3.0.3)
      arel (~> 2.0.2)
      tzinfo (~> 0.3.23)
    activesupport (3.0.3)
    arel (2.0.7)
    builder (2.1.2)
    diff-lcs (1.1.2)
    i18n (0.5.0)
    rspec (2.4.0)
      rspec-core (~> 2.4.0)
      rspec-expectations (~> 2.4.0)
      rspec-mocks (~> 2.4.0)
    rspec-core (2.4.0)
    rspec-expectations (2.4.0)
      diff-lcs (~> 1.1.2)
    rspec-mocks (2.4.0)
    sqlite3 (1.3.3)
    sqlite3-ruby (1.3.3)
      sqlite3 (>= 1.3.3)
    timecop (0.3.5)
    tzinfo (0.3.24)
    watchr (0.7)

PLATFORMS
  ruby

DEPENDENCIES
  activerecord (~> 3)
  autowatchr!
  bundler (>= 1.0.0)
  date_scopes!
  rspec (~> 2)
  sqlite3-ruby
  timecop
